PATH
  remote: .
  specs:
    aws_log_cleaner (0.1.3)
      aws-sdk (~> 2.9.25)
      colorize (~> 0.8.1)

GEM
  remote: https://rubygems.org/
  remote: http://vbuartifactory.vistaprint.svc/artifactory/api/gems/gems-release-local/
  specs:
    artifactory (2.2.1)
    artifactory-client-mcp (0.0.9)
      artifactory (~> 2.2.0)
      vp_rake_core (~> 0.9.44)
    asciidoctor (0.1.4)
    aws-sdk (2.9.44)
      aws-sdk-resources (= 2.9.44)
    aws-sdk-core (2.9.44)
      aws-sigv4 (~> 1.0)
      jmespath (~> 1.0)
    aws-sdk-resources (2.9.44)
      aws-sdk-core (= 2.9.44)
    aws-sigv4 (1.0.0)
    colorize (0.8.1)
    diff-lcs (1.3)
    facter (2.4.6-x64-mingw32)
      ffi (~> 1.9.5)
      win32-dir (~> 0.4.8)
      win32-security (~> 0.2.5)
    facter (2.4.6-x86-mingw32)
      ffi (~> 1.9.5)
      win32-dir (~> 0.4.8)
      win32-security (~> 0.2.5)
      win32console (~> 1.3.2)
    faraday (0.9.2)
      multipart-post (>= 1.2, < 3)
    faraday_middleware (0.10.1)
      faraday (>= 0.7.4, < 1.0)
    fast_gettext (1.1.0)
    ffi (1.9.18-x64-mingw32)
    ffi (1.9.18-x86-mingw32)
    ffi-win32-extensions (1.0.3)
      ffi
    gettext (3.2.2)
      locale (>= 2.0.5)
      text (>= 1.3.0)
    gettext-setup (0.25)
      fast_gettext (~> 1.1.0)
      gettext (>= 3.0.2)
      locale
    hiera (1.3.4)
      json_pure
    jmespath (1.3.1)
    json_pure (1.8.6)
    librarian-puppet (2.2.3)
      librarianp (>= 0.6.3)
      puppet_forge (~> 2.1)
      rsync
    librarianp (0.6.3)
      thor (~> 0.15)
    locale (2.1.2)
    minitar (0.5.4)
    multi_json (1.12.1)
    multipart-post (2.0.0)
    puppet (3.7.5-x64-mingw32)
      facter (> 1.6, < 3)
      ffi (~> 1.9.5)
      hiera (~> 1.0)
      json_pure
      minitar (~> 0.5.4)
      win32-dir (~> 0.4.9)
      win32-eventlog (~> 0.6.1)
      win32-process (~> 0.7.4)
      win32-security (~> 0.2.5)
      win32-service (~> 0.8.6)
    puppet (3.7.5-x86-mingw32)
      facter (> 1.6, < 3)
      ffi (~> 1.9.5)
      hiera (~> 1.0)
      json_pure
      minitar (~> 0.5.4)
      win32-dir (~> 0.4.9)
      win32-eventlog (~> 0.6.1)
      win32-process (~> 0.7.4)
      win32-security (~> 0.2.5)
      win32-service (~> 0.8.6)
      win32console (= 1.3.2)
    puppet_forge (2.2.4)
      faraday (~> 0.9.0)
      faraday_middleware (>= 0.9.0, < 0.11.0)
      gettext-setup (~> 0.11)
      minitar
      semantic_puppet (~> 0.1.0)
    rake (10.5.0)
    rspec (3.6.0)
      rspec-core (~> 3.6.0)
      rspec-expectations (~> 3.6.0)
      rspec-mocks (~> 3.6.0)
    rspec-core (3.6.0)
      rspec-support (~> 3.6.0)
    rspec-expectations (3.6.0)
      diff-lcs (>= 1.2.0, < 2.0)
      rspec-support (~> 3.6.0)
    rspec-mocks (3.6.0)
      diff-lcs (>= 1.2.0, < 2.0)
      rspec-support (~> 3.6.0)
    rspec-support (3.6.0)
    rsync (1.0.9)
    rubyzip (1.1.7)
    semantic_puppet (0.1.4)
      gettext-setup (>= 0.3)
    simplecov (0.7.1)
      multi_json (~> 1.0)
      simplecov-html (~> 0.7.1)
    simplecov-html (0.7.1)
    text (1.3.1)
    thor (0.19.4)
    vp_devkit_dotnet (1.0.45)
      artifactory-client-mcp (~> 0.0.1)
      asciidoctor (~> 0.1.4)
      json_pure (~> 1.7)
      vp_ivy (~> 1.0.1)
      vp_puppet (~> 0.9.25)
      vp_rake_core (~> 0.9.44)
    vp_ivy (1.0.11)
      rubyzip (~> 1.1.6)
      vp_rake_core (~> 0.9.44)
    vp_puppet (0.9.36)
      ffi (~> 1.9.6)
      librarian-puppet (>= 1.3.2, < 3.0)
      puppet (= 3.7.5)
      vp_rake_core (~> 0.9.52)
    vp_rake_core (0.9.56)
      rake
      simplecov (= 0.7.1)
    win32-dir (0.4.9)
      ffi (>= 1.0.0)
    win32-eventlog (0.6.7)
      ffi
    win32-process (0.7.5)
      ffi (>= 1.0.0)
    win32-security (0.2.5)
      ffi
    win32-service (0.8.10)
      ffi
      ffi-win32-extensions
    win32console (1.3.2-x86-mingw32)

PLATFORMS
  x64-mingw32
  x86-mingw32

DEPENDENCIES
  aws_log_cleaner!
  bundler (~> 1.13)
  rake (~> 10.0)
  rspec (~> 3.6.0)
  vp_devkit_dotnet

BUNDLED WITH
   1.15.1
